GEM
  remote: https://rubygems.org/
  specs:
    backports (3.6.4)
    daemons (1.2.2)
    diff-lcs (1.2.5)
    em-pg-client (0.3.4)
      eventmachine (~> 1.0.0)
      pg (>= 0.17.0)
    eventmachine (1.0.7)
    filewatcher (0.4.0)
      trollop (~> 2.0)
    json (1.8.2)
    multi_json (1.11.0)
    pg (0.18.1)
    rack (1.6.0)
    rack-protection (1.5.3)
      rack
    rack-test (0.6.3)
      rack (>= 1.0)
    rspec (3.2.0)
      rspec-core (~> 3.2.0)
      rspec-expectations (~> 3.2.0)
      rspec-mocks (~> 3.2.0)
    rspec-core (3.2.3)
      rspec-support (~> 3.2.0)
    rspec-expectations (3.2.1)
      diff-lcs (>= 1.2.0, < 2.0)
      rspec-support (~> 3.2.0)
    rspec-mocks (3.2.1)
      diff-lcs (>= 1.2.0, < 2.0)
      rspec-support (~> 3.2.0)
    rspec-support (3.2.2)
    sinatra (1.4.6)
      rack (~> 1.4)
      rack-protection (~> 1.4)
      tilt (>= 1.3, < 3)
    sinatra-contrib (1.4.2)
      backports (>= 2.0)
      multi_json
      rack-protection
      rack-test
      sinatra (~> 1.4.0)
      tilt (~> 1.3)
    sqlite3 (1.3.10)
    thin (1.6.3)
      daemons (~> 1.0, >= 1.0.9)
      eventmachine (~> 1.0)
      rack (~> 1.0)
    tilt (1.4.1)
    trollop (2.1.2)

PLATFORMS
  ruby

DEPENDENCIES
  em-pg-client
  filewatcher
  json
  pg
  rspec
  sinatra
  sinatra-contrib
  sqlite3
  thin
  tilt (~> 1.3)
